GEM
  remote: https://rubygems.org/
  specs:
    coderay (1.1.3)
    date (3.3.4)
    method_source (1.0.0)
    minitest (5.22.2)
    nokogiri (1.16.2-arm64-darwin)
      racc (~> 1.4)
    open-uri (0.4.1)
      stringio
      time
      uri
    pry (0.14.2)
      coderay (~> 1.1)
      method_source (~> 1.0)
    racc (1.7.3)
    stringio (3.1.0)
    time (0.3.0)
      date
    uri (0.13.0)

PLATFORMS
  arm64-darwin-22

DEPENDENCIES
  minitest
  nokogiri
  open-uri
  pry

RUBY VERSION
   ruby 3.1.3p185

BUNDLED WITH
   2.3.26
